PATH
  remote: .
  specs:
    fortunecookie (0.1.0)

GEM
  remote: https://rubygems.org/
  specs:
    rake (13.1.0)

PLATFORMS
  ruby
  x86_64-linux

DEPENDENCIES
  fortunecookie!
  rake (~> 13.0)

BUNDLED WITH
   2.5.4
